PATH
  remote: .
  specs:
    gg_api (0.0.1)

GEM
  remote: http://rubygems.org/
  specs:
    addressable (2.2.2)
    diff-lcs (1.1.2)
    fakeweb (1.3.0)
    faraday (0.5.3)
      addressable (~> 2.2.2)
      multipart-post (~> 1.0.1)
      rack (>= 1.1.0, < 2)
    json (1.4.6)
    multi_json (0.0.5)
    multipart-post (1.0.1)
    oauth2 (0.1.0)
      faraday (~> 0.5.0)
      multi_json (~> 0.0.4)
    rack (1.2.1)
    rspec (2.3.0)
      rspec-core (~> 2.3.0)
      rspec-expectations (~> 2.3.0)
      rspec-mocks (~> 2.3.0)
    rspec-core (2.3.1)
    rspec-expectations (2.3.0)
      diff-lcs (~> 1.1.2)
    rspec-mocks (2.3.0)

PLATFORMS
  ruby

DEPENDENCIES
  fakeweb
  gg_api!
  json
  oauth2
  rspec
